GEM
  remote: https://rubygems.org/
  specs:
    language_server-protocol (3.17.0.5)
    logger (1.7.0)
    prism (1.5.1)
    rbs (3.9.5)
      logger
    ruby-lsp (0.26.1)
      language_server-protocol (~> 3.17.0)
      prism (>= 1.2, < 2.0)
      rbs (>= 3, < 5)

PLATFORMS
  ruby
  x86_64-linux

DEPENDENCIES
  ruby-lsp

BUNDLED WITH
   2.5.22
